Brain Vision Data Exchange Header File Version 1.0
; Data created from the EEGLAB software

[Common Infos]
DataFile=set2.dat
MarkerFile=set2.vmrk
DataFormat=BINARY
; Data orientation: VECTORIZED=ch1,pt1, ch1,pt2..., MULTIPLEXED=ch1,pt1, ch2,pt1 ...
DataOrientation=VECTORIZED
DataType=TIMEDOMAIN
NumberOfChannels=19
DataPoints=3771040
; Sampling interval in microseconds if time domain (convert to Hertz:
; 1000000 / SamplingInterval) or in Hertz if frequency domain:
SamplingInterval=1000

[Binary Infos]
BinaryFormat=IEEE_FLOAT_32

[Channel Infos]
; Each entry: Ch<Channel number>=<Name>,<Reference channel name>,
; <Resolution in microvolts>,<Future extensions..
; Fields are delimited by commas, some fields might be omited (empty).
; Commas in channel names are coded as "".
Ch1=Fp1,, 
Ch2=Fp2,, 
Ch3=F3,, 
Ch4=F4,, 
Ch5=C3,, 
Ch6=C4,, 
Ch7=P3,, 
Ch8=P4,, 
Ch9=O1,, 
Ch10=O2,, 
Ch11=F7,, 
Ch12=F8,, 
Ch13=T3,, 
Ch14=T4,, 
Ch15=T5,, 
Ch16=T6,, 
Ch17=Fz,, 
Ch18=Cz,, 
Ch19=Pz,, 

